GEM
  remote: https://rubygems.org/
  specs:
    riif (0.6.0)

PLATFORMS
  ruby

DEPENDENCIES
  riif
